GEM
  remote: https://rubygems.org/
  specs:
    mini_magick (4.5.1)
    rack (1.6.4)
    rack-protection (1.5.3)
      rack
    rake (11.2.2)
    rmagick (2.16.0)
    sinatra (1.4.7)
      rack (~> 1.5)
      rack-protection (~> 1.4)
      tilt (>= 1.3, < 3)
    tilt (2.0.5)

PLATFORMS
  ruby

DEPENDENCIES
  mini_magick
  rake
  rmagick
  sinatra

RUBY VERSION
   ruby 2.3.0p0

BUNDLED WITH
   1.13.6
